GEM
  remote: http://rubygems.org/
  specs:
    bourbon (3.1.1)
      sass (>= 3.2.0)
      thor
    chunky_png (1.2.8)
    compass (0.12.2)
      chunky_png (~> 1.2)
      fssm (>= 0.2.7)
      sass (~> 3.1)
    fssm (0.2.10)
    sass (3.2.8)
    thor (0.18.1)
    webruby (0.2.1)

PLATFORMS
  ruby

DEPENDENCIES
  bourbon
  compass
  webruby
